GEM
  remote: http://rubygems.org/
  specs:
    awesome_print (1.8.0)
    byebug (11.1.3)
    coderay (1.1.3)
    foreman (0.87.1)
    method_source (1.0.0)
    mustermann (1.1.1)
      ruby2_keywords (~> 0.0.1)
    nio4r (2.5.2)
    pry (0.13.1)
      coderay (~> 1.1)
      method_source (~> 1.0)
    pry-byebug (3.9.0)
      byebug (~> 11.0)
      pry (~> 0.13.0)
    pry-meta (0.0.10)
      awesome_print
      pry
      pry-byebug
      pry-remote
    pry-remote (0.1.8)
      pry (~> 0.9)
      slop (~> 3.0)
    puma (4.3.6)
      nio4r (~> 2.0)
    rack (2.2.3)
    rack-protection (2.1.0)
      rack
    require_all (2.0.0)
    ruby2_keywords (0.0.2)
    sinatra (2.1.0)
      mustermann (~> 1.0)
      rack (~> 2.2)
      rack-protection (= 2.1.0)
      tilt (~> 2.0)
    slop (3.6.0)
    tilt (2.0.10)

PLATFORMS
  ruby

DEPENDENCIES
  foreman (= 0.87.1)
  pry-meta
  puma (~> 4.3, >= 4.3.5)
  require_all (~> 2.0)
  sinatra (~> 2.1)

BUNDLED WITH
   2.1.4
